GEM
  remote: https://rubygems.org/
  specs:
    coderay (1.1.0)
    dotenv (2.0.2)
    httpclient (2.6.0.1)
    method_source (0.8.2)
    multi_json (1.11.2)
    pry (0.10.3)
      coderay (~> 1.1.0)
      method_source (~> 0.8.1)
      slop (~> 3.4)
    pusher (0.14.6)
      httpclient (~> 2.5)
      multi_json (~> 1.0)
      pusher-signature (~> 0.1.8)
    pusher-signature (0.1.8)
    rack (1.6.4)
    rack-protection (1.5.3)
      rack
    sinatra (1.4.6)
      rack (~> 1.4)
      rack-protection (~> 1.4)
      tilt (>= 1.3, < 3)
    sinatra-cross_origin (0.3.2)
    slop (3.6.0)
    tilt (2.0.1)

PLATFORMS
  ruby

DEPENDENCIES
  dotenv
  pry
  pusher
  sinatra
  sinatra-cross_origin

BUNDLED WITH
   1.10.6
