GEM
  remote: https://rubygems.org/
  specs:
    dotenv (2.0.2)
    git-version-bump (0.15.1)
    httpclient (2.6.0.1)
    multi_json (1.11.2)
    pusher (0.14.6)
      httpclient (~> 2.5)
      multi_json (~> 1.0)
      pusher-signature (~> 0.1.8)
    pusher-signature (0.1.8)
    rack (1.6.4)
    rack-contrib (1.4.0)
      git-version-bump (~> 0.15)
      rack (~> 1.4)
    rack-parser (0.6.1)
      rack
    rack-protection (1.5.3)
      rack
    sinatra (1.4.6)
      rack (~> 1.4)
      rack-protection (~> 1.4)
      tilt (>= 1.3, < 3)
    sinatra-cross_origin (0.3.2)
    tilt (2.0.1)

PLATFORMS
  ruby

DEPENDENCIES
  dotenv
  pusher
  rack-contrib
  rack-parser
  sinatra
  sinatra-cross_origin

BUNDLED WITH
   1.11.2
